PATH
  remote: .
  specs:
    allure-cucumber (2.13.0)
      allure-ruby-commons (= 2.13.0)
      cucumber (~> 3.1)
    allure-rspec (2.13.0)
      allure-ruby-commons (= 2.13.0)
      rspec-core (~> 3.8)
    allure-ruby (2.13.0)
      allure-cucumber (= 2.13.0)
      allure-rspec (= 2.13.0)
      allure-ruby-commons (= 2.13.0)
    allure-ruby-commons (2.13.0)
      json (>= 1.8, < 3)
      mime-types (~> 3.3)
      require_all (~> 2.0)
      rubyzip (>= 1.2, < 3.0)
      uuid (~> 2.3)

GEM
  remote: https://rubygems.org/
  specs:
    ast (2.4.0)
    backport (1.1.2)
    backports (3.15.0)
    builder (3.2.3)
    coderay (1.1.2)
    cucumber (3.1.2)
      builder (>= 2.1.2)
      cucumber-core (~> 3.2.0)
      cucumber-expressions (~> 6.0.1)
      cucumber-wire (~> 0.0.1)
      diff-lcs (~> 1.3)
      gherkin (~> 5.1.0)
      multi_json (>= 1.7.5, < 2.0)
      multi_test (>= 0.1.2)
    cucumber-core (3.2.1)
      backports (>= 3.8.0)
      cucumber-tag_expressions (~> 1.1.0)
      gherkin (~> 5.0)
    cucumber-expressions (6.0.1)
    cucumber-tag_expressions (1.1.1)
    cucumber-wire (0.0.1)
    diff-lcs (1.3)
    gherkin (5.1.0)
    htmlentities (4.3.4)
    jaro_winkler (1.5.3)
    json (2.2.0)
    macaddr (1.7.2)
      systemu (~> 2.6.5)
    method_source (0.9.2)
    mime-types (3.3)
      mime-types-data (~> 3.2015)
    mime-types-data (3.2019.0904)
    mini_portile2 (2.4.0)
    multi_json (1.13.1)
    multi_test (0.1.2)
    nokogiri (1.10.4)
      mini_portile2 (~> 2.4.0)
    parallel (1.17.0)
    parser (2.6.4.1)
      ast (~> 2.4.0)
    pry (0.12.2)
      coderay (~> 1.1.0)
      method_source (~> 0.9.0)
    rainbow (3.0.0)
    rake (13.0.0)
    require_all (2.0.0)
    reverse_markdown (1.2.0)
      nokogiri
    rspec (3.8.0)
      rspec-core (~> 3.8.0)
      rspec-expectations (~> 3.8.0)
      rspec-mocks (~> 3.8.0)
    rspec-core (3.8.2)
      rspec-support (~> 3.8.0)
    rspec-expectations (3.8.4)
      diff-lcs (>= 1.2.0, < 2.0)
      rspec-support (~> 3.8.0)
    rspec-mocks (3.8.1)
      diff-lcs (>= 1.2.0, < 2.0)
      rspec-support (~> 3.8.0)
    rspec-support (3.8.2)
    rubocop (0.75.0)
      jaro_winkler (~> 1.5.1)
      parallel (~> 1.10)
      parser (>= 2.6)
      rainbow (>= 2.2.2, < 4.0)
      ruby-progressbar (~> 1.7)
      unicode-display_width (>= 1.4.0, < 1.7)
    rubocop-performance (1.4.1)
      rubocop (>= 0.71.0)
    ruby-progressbar (1.10.1)
    rubyzip (2.0.0)
    solargraph (0.37.2)
      backport (~> 1.1)
      bundler (>= 1.17.2)
      htmlentities (~> 4.3, >= 4.3.4)
      jaro_winkler (~> 1.5)
      nokogiri (~> 1.9, >= 1.9.1)
      parser (~> 2.3)
      reverse_markdown (~> 1.0, >= 1.0.5)
      rubocop (~> 0.52)
      thor (~> 0.19, >= 0.19.4)
      tilt (~> 2.0)
      yard (~> 0.9)
    systemu (2.6.5)
    thor (0.20.3)
    tilt (2.0.9)
    unicode-display_width (1.6.0)
    uuid (2.3.9)
      macaddr (~> 1.0)
    yard (0.9.20)

PLATFORMS
  ruby

DEPENDENCIES
  allure-ruby!
  bundler (~> 2.0)
  pry (~> 0.12.2)
  rake (~> 13.0)
  rspec (~> 3.8)
  rubocop (~> 0.74)
  rubocop-performance (~> 1.4)
  solargraph (~> 0.35)

BUNDLED WITH
   2.0.2
