PATH
  remote: .
  specs:
    allure-cucumber (2.13.2)
      allure-ruby-commons (= 2.13.2)
      cucumber (~> 3.1)
    allure-rspec (2.13.2)
      allure-ruby-commons (= 2.13.2)
      rspec-core (~> 3.8)
    allure-ruby (2.13.2)
      allure-cucumber (= 2.13.2)
      allure-rspec (= 2.13.2)
      allure-ruby-commons (= 2.13.2)
    allure-ruby-commons (2.13.2)
      json (>= 1.8, < 3)
      mime-types (~> 3.3)
      require_all (>= 2, < 4)
      uuid (~> 2.3)

GEM
  remote: https://rubygems.org/
  specs:
    ast (2.4.0)
    backport (1.1.2)
    backports (3.15.0)
    benchmark (0.1.0)
    builder (3.2.3)
    coderay (1.1.2)
    colorize (0.8.1)
    coveralls (0.8.23)
      json (>= 1.8, < 3)
      simplecov (~> 0.16.1)
      term-ansicolor (~> 1.3)
      thor (>= 0.19.4, < 2.0)
      tins (~> 1.6)
    cucumber (3.1.2)
      builder (>= 2.1.2)
      cucumber-core (~> 3.2.0)
      cucumber-expressions (~> 6.0.1)
      cucumber-wire (~> 0.0.1)
      diff-lcs (~> 1.3)
      gherkin (~> 5.1.0)
      multi_json (>= 1.7.5, < 2.0)
      multi_test (>= 0.1.2)
    cucumber-core (3.2.1)
      backports (>= 3.8.0)
      cucumber-tag_expressions (~> 1.1.0)
      gherkin (~> 5.0)
    cucumber-expressions (6.0.1)
    cucumber-tag_expressions (1.1.1)
    cucumber-wire (0.0.1)
    diff-lcs (1.3)
    docile (1.3.2)
    e2mmap (0.1.0)
    gherkin (5.1.0)
    io-console (0.5.4)
    irb (1.1.0)
      reline (>= 0.0.1)
    jaro_winkler (1.5.4)
    json (2.2.0)
    lefthook (0.7.0)
    macaddr (1.7.2)
      systemu (~> 2.6.5)
    maruku (0.7.3)
    method_source (0.9.2)
    mime-types (3.3)
      mime-types-data (~> 3.2015)
    mime-types-data (3.2019.1009)
    mini_portile2 (2.4.0)
    multi_json (1.14.1)
    multi_test (0.1.2)
    nokogiri (1.10.7)
      mini_portile2 (~> 2.4.0)
    parallel (1.19.1)
    parser (2.7.0.1)
      ast (~> 2.4.0)
    pry (0.12.2)
      coderay (~> 1.1.0)
      method_source (~> 0.9.0)
    rainbow (3.0.0)
    rake (13.0.1)
    reline (0.1.2)
      io-console (~> 0.5)
    require_all (3.0.0)
    reverse_markdown (1.3.0)
      nokogiri
    rspec (3.9.0)
      rspec-core (~> 3.9.0)
      rspec-expectations (~> 3.9.0)
      rspec-mocks (~> 3.9.0)
    rspec-core (3.9.0)
      rspec-support (~> 3.9.0)
    rspec-expectations (3.9.0)
      diff-lcs (>= 1.2.0, < 2.0)
      rspec-support (~> 3.9.0)
    rspec-mocks (3.9.0)
      diff-lcs (>= 1.2.0, < 2.0)
      rspec-support (~> 3.9.0)
    rspec-support (3.9.0)
    rubocop (0.78.0)
      jaro_winkler (~> 1.5.1)
      parallel (~> 1.10)
      parser (>= 2.6)
      rainbow (>= 2.2.2, < 4.0)
      ruby-progressbar (~> 1.7)
      unicode-display_width (>= 1.4.0, < 1.7)
    rubocop-performance (1.5.2)
      rubocop (>= 0.71.0)
    ruby-progressbar (1.10.1)
    semantic (1.6.1)
    simplecov (0.16.1)
      docile (~> 1.1)
      json (>= 1.8, < 3)
      simplecov-html (~> 0.10.0)
    simplecov-html (0.10.2)
    solargraph (0.38.1)
      backport (~> 1.1)
      benchmark
      bundler (>= 1.17.2)
      e2mmap
      irb (<= 1.1.0)
      jaro_winkler (~> 1.5)
      maruku (~> 0.7, >= 0.7.3)
      nokogiri (~> 1.9, >= 1.9.1)
      parser (~> 2.3)
      reverse_markdown (~> 1.0, >= 1.0.5)
      rubocop (~> 0.52)
      thor (~> 1.0)
      tilt (~> 2.0)
      yard (~> 0.9)
    systemu (2.6.5)
    term-ansicolor (1.7.1)
      tins (~> 1.0)
    thor (1.0.1)
    tilt (2.0.10)
    tins (1.22.2)
    unicode-display_width (1.6.0)
    uuid (2.3.9)
      macaddr (~> 1.0)
    yard (0.9.22)

PLATFORMS
  ruby

DEPENDENCIES
  allure-ruby!
  bundler (~> 2.0)
  colorize (~> 0.8)
  coveralls (~> 0.8)
  lefthook (~> 0.7.0)
  pry (~> 0.12.2)
  rake (~> 13.0)
  rspec (~> 3.8)
  rubocop (~> 0.74)
  rubocop-performance (~> 1.4)
  semantic (~> 1.6)
  simplecov (~> 0.16)
  solargraph (~> 0.35)

BUNDLED WITH
   2.0.2
